{
	"Modality": "MR",
	"MagneticFieldStrength": 3,
	"ImagingFrequency": 123.249727,
	"Manufacturer": "Siemens",
	"ManufacturersModelName": "Prisma",
	"InstitutionName": "BeiJing  Anding Hospital-GX",
	"InstitutionalDepartmentName": "Department",
	"InstitutionAddress": "Street StreetNo,Bei Jing 35260f,District,CN,ZIP",
	"DeviceSerialNumber": "66107",
	"StationName": "AWP66107",
	"BodyPartExamined": "HEAD",
	"PatientPosition": "HFS",
	"SoftwareVersions": "syngo MR E11",
	"MRAcquisitionType": "2D",
	"SeriesDescription": "CBPD_bold_face_matching_ap",
	"ProtocolName": "CBPD_bold_face_matching_ap",
	"ScanningSequence": "EP",
	"SequenceVariant": "SK",
	"ScanOptions": "FS",
	"SequenceName": "*epfid2d1_64",
	"ImageType": ["ORIGINAL", "PRIMARY", "M", "ND", "MOSAIC"],
	"NonlinearGradientCorrection": false,
	"SeriesNumber": 17,
	"AcquisitionTime": "15:42:51.590000",
	"AcquisitionNumber": 1,
	"SliceThickness": 3.5,
	"SpacingBetweenSlices": 4.2,
	"SAR": 0.0904762,
	"EchoTime": 0.03,
	"RepetitionTime": 2,
	"FlipAngle": 90,
	"PartialFourier": 1,
	"BaseResolution": 64,
	"ShimSetting": [
		541,
		-5565,
		-7250,
		214,
		-37,
		-35,
		91,
		16	],
	"TxRefAmp": 250.619,
	"PhaseResolution": 1,
	"ReceiveCoilName": "HeadNeck_64",
	"ReceiveCoilActiveElements": "HC1-7;NC1,2",
	"PulseSequenceDetails": "%SiemensSeq%\\ep2d_bold",
	"RefLinesPE": 24,
	"CoilCombinationMethod": "Sum of Squares",
	"ConsistencyInfo": "N4_VE11E_LATEST_20181129",
	"MatrixCoilMode": "GRAPPA",
	"PercentPhaseFOV": 100,
	"PercentSampling": 100,
	"EchoTrainLength": 31,
	"PhaseEncodingSteps": 63,
	"AcquisitionMatrixPE": 64,
	"ReconMatrixPE": 64,
	"BandwidthPerPixelPhaseEncode": 61.275,
	"ParallelReductionFactorInPlane": 2,
	"EffectiveEchoSpacing": 0.000254998,
	"DerivedVendorReportedEchoSpacing": 0.000509996,
	"TotalReadoutTime": 0.0160649,
	"PixelBandwidth": 2365,
	"DwellTime": 3.3e-06,
	"PhaseEncodingDirection": "j-",
	"SliceTiming": [
		0,
		1.02,
		0.06,
		1.08,
		0.12,
		1.14,
		0.18,
		1.2,
		0.24,
		1.26,
		0.3,
		1.32,
		0.36,
		1.38,
		0.42,
		1.44,
		0.48,
		1.5,
		0.54,
		1.56,
		0.6,
		1.62,
		0.66,
		1.68,
		0.72,
		1.74,
		0.78,
		1.8,
		0.84,
		1.86,
		0.9,
		1.92,
		0.96	],
	"ImageOrientationPatientDICOM": [
		0.998926,
		0.0247751,
		0.0391486,
		-0.0231922,
		0.998915,
		-0.0403843	],
	"ImageOrientationText": "Tra>Sag(2.3)>Cor(-2.3)",
	"InPlanePhaseEncodingDirectionDICOM": "COL",
	"ConversionSoftware": "dcm2niix",
	"ConversionSoftwareVersion": "v1.0.20230411"
}
