{
	"Modality": "MR",
	"MagneticFieldStrength": 3,
	"ImagingFrequency": 123.25,
	"Manufacturer": "Siemens",
	"ManufacturersModelName": "Prisma",
	"InstitutionName": "BeiJing  Anding Hospital-GX",
	"InstitutionalDepartmentName": "Department",
	"InstitutionAddress": "Street StreetNo,Bei Jing 35260f,District,CN,ZIP",
	"DeviceSerialNumber": "66107",
	"StationName": "AWP66107",
	"BodyPartExamined": "BRAIN",
	"PatientPosition": "HFS",
	"SoftwareVersions": "syngo MR D13D",
	"MRAcquisitionType": "3D",
	"SeriesDescription": "t1_mprage_sag_p2_iso",
	"ProtocolName": "t1_mprage_sag_p2_iso",
	"ScanningSequence": "GR\\IR",
	"SequenceVariant": "SK\\SP\\MP",
	"ScanOptions": "IR",
	"SequenceName": "*tfl3d1_16ns",
	"ImageType": ["ORIGINAL", "PRIMARY", "M", "ND", "NORM"],
	"SeriesNumber": 3,
	"AcquisitionTime": "20:45:27.005000",
	"AcquisitionNumber": 1,
	"SliceThickness": 1,
	"SAR": 0.0620386,
	"EchoTime": 0.00185,
	"RepetitionTime": 2.53,
	"InversionTime": 0.8,
	"FlipAngle": 9,
	"PartialFourier": 1,
	"BaseResolution": 256,
	"ShimSetting": [
		531,
		-5509,
		-7499,
		-7,
		-21,
		20,
		2,
		14	],
	"TxRefAmp": 246.039,
	"PhaseResolution": 1,
	"ReceiveCoilName": "HeadNeck_64",
	"ReceiveCoilActiveElements": "HC1-7;NC1,2",
	"PulseSequenceDetails": "%SiemensSeq%\\tfl",
	"RefLinesPE": 24,
	"ConsistencyInfo": "N4_VD13D_LATEST_20130810",
	"PercentPhaseFOV": 100,
	"PercentSampling": 100,
	"PhaseEncodingSteps": 255,
	"AcquisitionMatrixPE": 256,
	"ReconMatrixPE": 256,
	"ParallelReductionFactorInPlane": 2,
	"PixelBandwidth": 280,
	"DwellTime": 7e-06,
	"ImageOrientationPatientDICOM": [
		0.0272126,
		0.99963,
		6.00369e-09,
		0.0219733,
		-0.000598166,
		-0.999758	],
	"InPlanePhaseEncodingDirectionDICOM": "ROW",
	"ConversionSoftware": "dcm2niix",
	"ConversionSoftwareVersion": "v1.0.20201102"
}
